GEM
  remote: https://rubygems.org/
  specs:
    byebug (11.1.3)
    coderay (1.1.3)
    diff-lcs (1.5.0)
    mustermann (3.0.0)
      ruby2_keywords (~> 0.0.1)
    rack (2.2.7)
    rack-protection (3.0.6)
      rack
    rack-test (2.1.0)
      rack (>= 1.3)
    rspec (3.12.0)
      rspec-core (~> 3.12.0)
      rspec-expectations (~> 3.12.0)
      rspec-mocks (~> 3.12.0)
    rspec-core (3.12.2)
      rspec-support (~> 3.12.0)
    rspec-expectations (3.12.3)
      diff-lcs (>= 1.2.0, < 2.0)
      rspec-support (~> 3.12.0)
    rspec-mocks (3.12.5)
      diff-lcs (>= 1.2.0, < 2.0)
      rspec-support (~> 3.12.0)
    rspec-support (3.12.0)
    ruby2_keywords (0.0.5)
    sequel (5.69.0)
    sinatra (3.0.6)
      mustermann (~> 3.0)
      rack (~> 2.2, >= 2.2.4)
      rack-protection (= 3.0.6)
      tilt (~> 2.0)
    sqlite3 (1.6.3-x86_64-linux)
    tilt (2.2.0)
    webrick (1.8.1)

PLATFORMS
  x86_64-linux

DEPENDENCIES
  byebug (= 11.1.3)
  coderay (= 1.1.3)
  rack-test (= 2.1.0)
  rspec (= 3.12.0)
  sequel (= 5.69.0)
  sinatra (= 3.0.6)
  sqlite3 (= 1.6.3)
  webrick (= 1.8.1)

BUNDLED WITH
   2.3.3
